GIT
  remote: git://github.com/cloudfoundry/admin-vmc-plugin.git
  revision: efcce72e93cd147cb97d21dd265f76ec4c68d4b4
  specs:
    admin-vmc-plugin (0.1.0)
      cfoundry (~> 0.5.0)

GIT
  remote: git://github.com/cloudfoundry/console-vmc-plugin.git
  revision: 1b281d0a74dc50de34c736b4945fd7bdc3d53331
  specs:
    console-vmc-plugin (0.1.1)
      tunnel-vmc-plugin (~> 0.2.0)

GIT
  remote: git://github.com/cloudfoundry/manifests-vmc-plugin.git
  revision: ff33242537057f8d1e41073fb3a187db2c68af8b
  specs:
    manifests-vmc-plugin (0.6.2)
      cfoundry (>= 0.5.3.rc2, < 0.6)

GIT
  remote: git://github.com/cloudfoundry/mcf-vmc-plugin.git
  revision: 596c5ec987eaaf2ca2993db1e6ad8b5816b10d06
  specs:
    mcf-vmc-plugin (0.0.1)

GIT
  remote: git://github.com/cloudfoundry/tunnel-vmc-plugin.git
  revision: 2f3ea2523d8c8817b009246a8d8c268bbf8f4301
  specs:
    tunnel-vmc-plugin (0.2.2)
      addressable (~> 2.2)
      caldecott-client (~> 0.0.2)
      cfoundry (>= 0.5.3.rc3, < 0.6)
      rest-client (~> 1.6)
      uuidtools (~> 2.1)

GIT
  remote: git://github.com/vito/clouseau.git
  revision: af05617556504c436901d43edc76f6578f363b83
  specs:
    clouseau (0.0.1)
      rubyzip (~> 0.9.9)

GIT
  remote: git://github.com/vito/interact.git
  revision: 956058c9c1c03f9b606fb7f45e598edfdfa0a20e
  specs:
    interact (0.5.2)

GIT
  remote: git://github.com/vito/mothership.git
  revision: 7a5a58d19bf82780a32b3ce006a95313ed732256
  specs:
    mothership (0.5.1)

PATH
  remote: .
  specs:
    vmc (0.5.1.rc3)
      cfoundry (>= 0.5.3.rc3, < 0.6)
      clouseau (~> 0.0)
      interact (~> 0.5)
      json_pure (~> 1.6)
      manifests-vmc-plugin (~> 0.6.2)
      mothership (>= 0.5.1, < 1.0)
      multi_json (~> 1.3)
      progressbar (= 0.20.0)
      tunnel-vmc-plugin (~> 0.2.2)

PATH
  remote: ../vmc-lib
  specs:
    cfoundry (0.5.3.rc3)
      cf-uaa-lib (~> 1.3.8)
      multi_json (~> 1.3)
      multipart-post (~> 1.1)
      rubyzip (~> 0.9)

GEM
  remote: http://rubygems.org/
  specs:
    addressable (2.3.3)
    caldecott-client (0.0.2)
      multi_json (~> 1.3)
    cf-uaa-lib (1.3.8)
      multi_json
    crack (0.3.2)
    diff-lcs (1.1.3)
    fakefs (0.4.2)
    ffaker (1.15.0)
    gem-release (0.4.1)
    json_pure (1.7.7)
    mime-types (1.21)
    multi_json (1.6.1)
    multipart-post (1.2.0)
    parallel (0.6.2)
    parallel_tests (0.10.0)
      parallel
    progressbar (0.20.0)
    rake (0.9.6)
    rest-client (1.6.7)
      mime-types (>= 1.16)
    rr (1.0.4)
    rspec (2.12.0)
      rspec-core (~> 2.12.0)
      rspec-expectations (~> 2.12.0)
      rspec-mocks (~> 2.12.0)
    rspec-core (2.12.2)
    rspec-expectations (2.12.1)
      diff-lcs (~> 1.1.3)
    rspec-mocks (2.12.2)
    rubyzip (0.9.9)
    uuidtools (2.1.3)
    webmock (1.9.3)
      addressable (>= 2.2.7)
      crack (>= 0.3.2)

PLATFORMS
  ruby

DEPENDENCIES
  admin-vmc-plugin!
  cfoundry!
  clouseau!
  console-vmc-plugin!
  fakefs
  ffaker
  gem-release
  interact!
  manifests-vmc-plugin!
  mcf-vmc-plugin!
  mothership!
  parallel_tests
  rake (~> 0.9)
  rr (~> 1.0)
  rspec (~> 2.11)
  tunnel-vmc-plugin!
  vmc!
  webmock (~> 1.9)
